GEM
  remote: https://rubygems.org/
  specs:
    ast (2.4.0)
    parser (2.5.1.0)
      ast (~> 2.4.0)

PLATFORMS
  ruby

DEPENDENCIES
  parser (= 2.5.1.0)

BUNDLED WITH
   1.16.1
