GEM
  remote: https://rubygems.org/
  specs:
    ast (2.4.0)
    coderay (1.1.2)
    concurrent-ruby (1.0.5)
    method_source (0.9.0)
    parser (2.5.1.0)
      ast (~> 2.4.0)
    pry (0.11.3)
      coderay (~> 1.1.0)
      method_source (~> 0.9.0)

PLATFORMS
  ruby

DEPENDENCIES
  concurrent-ruby
  parser (= 2.5.1.0)
  pry

BUNDLED WITH
   1.16.1
